GEM
  remote: http://rubygems.org/
  specs:
    rack (1.2.2)
    rdiscount (1.6.8)
    sinatra (1.2.1)
      rack (~> 1.1)
      tilt (>= 1.2.2, < 2.0)
    tilt (1.2.2)

PLATFORMS
  ruby

DEPENDENCIES
  rdiscount
  sinatra
